GEM
  remote: http://rubygems.org/
  remote: http://gems.github.com/
  specs:
    rack (1.3.0)
    rack-rewrite (1.0.2)

PLATFORMS
  ruby

DEPENDENCIES
  rack (= 1.3.0)
  rack-rewrite (= 1.0.2)
