GEM
  remote: http://rubygems.org/
  remote: http://gems.github.com/
  specs:
    configuration (1.2.0)
    heroku (2.2.8)
      launchy (>= 0.3.2)
      rest-client (~> 1.6.1)
      term-ansicolor (~> 1.0.5)
    launchy (0.4.0)
      configuration (>= 0.0.5)
      rake (>= 0.8.1)
    mime-types (1.16)
    rack (1.3.0)
    rack-rewrite (1.0.2)
    rake (0.9.2)
    rest-client (1.6.3)
      mime-types (>= 1.16)
    term-ansicolor (1.0.5)

PLATFORMS
  ruby

DEPENDENCIES
  heroku (= 2.2.8)
  rack (= 1.3.0)
  rack-rewrite (= 1.0.2)
